GEM
  remote: https://rubygems.org/
  specs:
    csv (3.3.0)
    jruby-jars (9.4.7.0)
    jruby-rack (1.1.22)
    pdf-core (0.9.0)
    prawn (2.4.0)
      pdf-core (~> 0.9.0)
      ttfunk (~> 1.7)
    rake (13.2.1)
    rubyzip (1.3.0)
    ttfunk (1.7.0)
    warbler (2.0.5)
      jruby-jars (>= 9.0.0.0)
      jruby-rack (>= 1.1.1, < 1.3)
      rake (>= 10.1.0)
      rubyzip (~> 1.0, < 1.4)

PLATFORMS
  universal-java-11

DEPENDENCIES
  csv
  prawn
  warbler

RUBY VERSION
   ruby 2.5.8p0 (jruby 9.2.19.0)

BUNDLED WITH
   2.3.27
